GEM
  remote: http://rubygems.org/
  specs:
    byebug (9.0.6)
    diff-lcs (1.2.5)
    httparty (0.14.0)
      multi_xml (>= 0.5.2)
    json (2.0.2)
    logger (1.2.8)
    multi_xml (0.5.5)
    rspec (3.5.0)
      rspec-core (~> 3.5.0)
      rspec-expectations (~> 3.5.0)
      rspec-mocks (~> 3.5.0)
    rspec-core (3.5.4)
      rspec-support (~> 3.5.0)
    rspec-expectations (3.5.0)
      diff-lcs (>= 1.2.0, < 2.0)
      rspec-support (~> 3.5.0)
    rspec-mocks (3.5.0)
      diff-lcs (>= 1.2.0, < 2.0)
      rspec-support (~> 3.5.0)
    rspec-support (3.5.0)

PLATFORMS
  ruby

DEPENDENCIES
  byebug
  httparty
  json
  logger
  rspec

BUNDLED WITH
   1.11.2
